GEM
  remote: https://rubygems.org/
  specs:
    addressable (2.8.5)
      public_suffix (>= 2.0.2, < 6.0)
    chef-utils (18.2.7)
      concurrent-ruby
    childprocess (4.1.0)
    colorize (1.1.0)
    concurrent-ruby (1.1.10)
    cri (2.15.11)
    deep_merge (1.2.2)
    diff-lcs (1.5.0)
    facter (4.4.3)
      hocon (~> 1.3)
      sys-filesystem (~> 1.3)
      thor (>= 1.0.1, < 2.0)
    faraday (2.7.10)
      faraday-net_http (>= 2.0, < 3.1)
      ruby2_keywords (>= 0.0.4)
    faraday-net_http (3.0.2)
    ffi (1.15.5)
    git (1.18.0)
      addressable (~> 2.8)
      rchardet (~> 1.8)
    gitlab (4.19.0)
      httparty (~> 0.20)
      terminal-table (>= 1.5.1)
    hitimes (2.0.0)
    hocon (1.4.0)
    httparty (0.21.0)
      mini_mime (>= 1.0.0)
      multi_xml (>= 0.5.2)
    httpclient (2.8.3)
    jenkins_api_client (2.1.0)
      addressable (~> 2.7)
      json (>= 1.0)
      mixlib-shellout (>= 1.1.0)
      nokogiri (~> 1.6)
      socksify (>= 1.7.0)
      terminal-table (>= 1.4.0)
      thor (>= 0.16.0)
    json (2.6.3)
    json-schema (4.0.0)
      addressable (>= 2.8)
    json_pure (2.6.3)
    mini_mime (1.1.5)
    mini_portile2 (2.8.4)
    minitar (0.9)
    mixlib-shellout (3.2.7)
      chef-utils
    multi_xml (0.6.0)
    nokogiri (1.15.4)
      mini_portile2 (~> 2.8.2)
      racc (~> 1.4)
    nokogiri (1.15.4-arm64-darwin)
      racc (~> 1.4)
    octokit (7.1.0)
      faraday (>= 1, < 3)
      sawyer (~> 0.9)
    pastel (0.8.0)
      tty-color (~> 0.5)
    pathspec (1.1.3)
    pdk (3.0.0)
      bundler (>= 2.1.0, < 3.0.0)
      childprocess (~> 4.1.0)
      concurrent-ruby (= 1.1.10)
      cri (~> 2.15.11)
      deep_merge (~> 1.2.2)
      diff-lcs (>= 1.5.0)
      facter (~> 4.0)
      ffi (>= 1.15.5, < 2.0.0)
      hitimes (= 2.0.0)
      httpclient (~> 2.8.3)
      json-schema (~> 4.0)
      json_pure (~> 2.6.3)
      minitar (~> 0.8)
      pathspec (~> 1.1)
      tty-prompt (~> 0.23)
      tty-spinner (~> 0.9)
      tty-which (~> 0.5)
    pdksync (0.6.0)
      colorize
      git (~> 1.3)
      gitlab
      jenkins_api_client
      octokit
      pdk (>= 1.14.1)
      rake
    public_suffix (5.0.3)
    racc (1.7.1)
    rake (13.0.6)
    rchardet (1.8.0)
    ruby2_keywords (0.0.5)
    sawyer (0.9.2)
      addressable (>= 2.3.5)
      faraday (>= 0.17.3, < 3)
    socksify (1.7.1)
    sys-filesystem (1.4.3)
      ffi (~> 1.1)
    terminal-table (3.0.2)
      unicode-display_width (>= 1.1.1, < 3)
    thor (1.2.2)
    tty-color (0.6.0)
    tty-cursor (0.7.1)
    tty-prompt (0.23.1)
      pastel (~> 0.8)
      tty-reader (~> 0.8)
    tty-reader (0.9.0)
      tty-cursor (~> 0.7)
      tty-screen (~> 0.8)
      wisper (~> 2.0)
    tty-screen (0.8.1)
    tty-spinner (0.9.3)
      tty-cursor (~> 0.7)
    tty-which (0.5.0)
    unicode-display_width (2.4.2)
    wisper (2.0.1)

PLATFORMS
  arm64-darwin-20
  ruby

DEPENDENCIES
  pdksync (~> 0.6.0)
  rake (~> 13.0, >= 13.0.6)

BUNDLED WITH
   2.4.10
